GIT
  remote: git@github.com:stevenosloan/slack-notifier.git
  revision: eeb5c36c32a27416ca753474781f5d690e895c0f
  specs:
    slack-notifier (1.1.0)

GEM
  specs:
    rack (1.6.0)
    rack-protection (1.5.3)
      rack
    sinatra (1.4.5)
      rack (~> 1.4)
      rack-protection (~> 1.4)
      tilt (~> 1.3, >= 1.3.4)
    tilt (1.4.1)

PLATFORMS
  ruby

DEPENDENCIES
  sinatra
  slack-notifier!
